PATH
  remote: .
  specs:
    twitter_cldr_js (1.0.0)
      json (>= 1.1.9)
      railties (~> 3.1)
      twitter_cldr (~> 1.8.0)

GEM
  remote: http://rubygems.org/
  specs:
    actionpack (3.1.4)
      activemodel (= 3.1.4)
      activesupport (= 3.1.4)
      builder (~> 3.0.0)
      erubis (~> 2.7.0)
      i18n (~> 0.6)
      rack (~> 1.3.6)
      rack-cache (~> 1.1)
      rack-mount (~> 0.8.2)
      rack-test (~> 0.6.1)
      sprockets (~> 2.0.3)
    activemodel (3.1.4)
      activesupport (= 3.1.4)
      builder (~> 3.0.0)
      i18n (~> 0.6)
    activesupport (3.1.4)
      multi_json (~> 1.0)
    builder (3.0.0)
    coffee-script (2.2.0)
      coffee-script-source
      execjs
    coffee-script-source (1.3.3)
    diff-lcs (1.1.3)
    erubis (2.7.0)
    execjs (1.4.0)
      multi_json (~> 1.0)
    hike (1.2.1)
    i18n (0.6.0)
    json (1.7.5)
    libv8 (3.3.10.4)
    multi_json (1.3.6)
    mustache (0.99.4)
    rack (1.3.6)
    rack-cache (1.2)
      rack (>= 0.4)
    rack-mount (0.8.3)
      rack (>= 1.0.0)
    rack-ssl (1.3.2)
      rack
    rack-test (0.6.1)
      rack (>= 1.0)
    railties (3.1.4)
      actionpack (= 3.1.4)
      activesupport (= 3.1.4)
      rack-ssl (~> 1.3.2)
      rake (>= 0.8.7)
      rdoc (~> 3.4)
      thor (~> 0.14.6)
    rake (0.9.2.2)
    rcov (1.0.0)
    rdoc (3.12)
      json (~> 1.4)
    rr (1.0.4)
    rspec (2.11.0)
      rspec-core (~> 2.11.0)
      rspec-expectations (~> 2.11.0)
      rspec-mocks (~> 2.11.0)
    rspec-core (2.11.1)
    rspec-expectations (2.11.2)
      diff-lcs (~> 1.1.3)
    rspec-mocks (2.11.2)
    ruby_parser (2.3.1)
      sexp_processor (~> 3.0)
    sexp_processor (3.2.0)
    sprockets (2.0.4)
      hike (~> 1.2)
      rack (~> 1.0)
      tilt (~> 1.1, != 1.3.0)
    therubyracer (0.9.10)
      libv8 (~> 3.3.10)
    thor (0.14.6)
    tilt (1.3.3)
    twitter_cldr (1.8.0)
      json (>= 1.1.9)
    uglifier (1.2.7)
      execjs (>= 0.3.0)
      multi_json (~> 1.3)

PLATFORMS
  ruby

DEPENDENCIES
  coffee-script (~> 2.2.0)
  mustache (~> 0.99.4)
  rake
  rcov
  rr (~> 1.0.4)
  rspec (~> 2.11.0)
  ruby_parser (~> 2.3.1)
  therubyracer (~> 0.9.10)
  twitter_cldr_js!
  uglifier (~> 1.2.4)
